GEM
  remote: http://rubygems.org/
  remote: http://gems.github.com/
  specs:
    binding_of_caller (0.6.7)
    coderay (1.0.6)
    coolline (0.2.0)
    ffi (1.0.11)
    growl (1.0.3)
    guard (1.0.2)
      ffi (>= 0.5.0)
      thor (~> 0.14.6)
    guard-minitest (0.5.0)
      guard (>= 0.4)
    io-console (0.3)
    method_source (0.7.1)
    minitest (2.12.1)
    pry (0.9.9.6)
      coderay (~> 1.0.5)
      method_source (~> 0.7.1)
      slop (>= 2.4.4, < 3)
    pry-coolline (0.1.4)
      coolline (~> 0.2.0)
      io-console (~> 0.3.0)
    pry-doc (0.4.1)
      pry (>= 0.9.0)
      yard (~> 0.7.4)
    pry-exception_explorer (0.1.9)
      pry-stack_explorer (>= 0.3.9)
    pry-nav (0.2.1)
      pry (~> 0.9.9)
    pry-remote (0.1.4)
      pry (~> 0.9.9)
      slop (~> 2.1)
    pry-stack_explorer (0.4.2)
      binding_of_caller (~> 0.6.2)
      pry (~> 0.9.9)
    purdytest (1.0.0)
      minitest (~> 2.2)
    slop (2.4.4)
    thor (0.14.6)
    yard (0.7.5)

PLATFORMS
  ruby

DEPENDENCIES
  growl
  guard
  guard-minitest
  pry
  pry-coolline
  pry-doc
  pry-exception_explorer
  pry-nav
  pry-remote
  pry-stack_explorer
  purdytest
