GEM
  remote: http://rubygems.org/
  remote: http://gems.github.com/
  specs:
    ffi (1.0.11)
    growl (1.0.3)
    guard (1.0.2)
      ffi (>= 0.5.0)
      thor (~> 0.14.6)
    guard-minitest (0.5.0)
      guard (>= 0.4)
    minitest (2.12.1)
    purdytest (1.0.0)
      minitest (~> 2.2)
    thor (0.14.6)

PLATFORMS
  ruby

DEPENDENCIES
  growl
  guard-minitest
  purdytest
